PATH
  remote: .
  specs:
    jirack (0.3.0)
      jira-ruby
      launchy
      slack-incoming-webhooks
      thor

GEM
  remote: https://rubygems.org/
  specs:
    activesupport (6.0.3.3)
      concurrent-ruby (~> 1.0, >= 1.0.2)
      i18n (>= 0.7, < 2)
      minitest (~> 5.1)
      tzinfo (~> 1.1)
      zeitwerk (~> 2.2, >= 2.2.2)
    addressable (2.5.2)
      public_suffix (>= 2.0.2, < 4.0)
    concurrent-ruby (1.1.7)
    diff-lcs (1.3)
    i18n (1.8.5)
      concurrent-ruby (~> 1.0)
    jira-ruby (1.5.0)
      activesupport
      multipart-post
      oauth (~> 0.5, >= 0.5.0)
    launchy (2.4.3)
      addressable (~> 2.3)
    minitest (5.14.2)
    multipart-post (2.0.0)
    oauth (0.5.4)
    public_suffix (3.0.2)
    rake (10.5.0)
    rspec (3.7.0)
      rspec-core (~> 3.7.0)
      rspec-expectations (~> 3.7.0)
      rspec-mocks (~> 3.7.0)
    rspec-core (3.7.1)
      rspec-support (~> 3.7.0)
    rspec-expectations (3.7.0)
      diff-lcs (>= 1.2.0, < 2.0)
      rspec-support (~> 3.7.0)
    rspec-mocks (3.7.0)
      diff-lcs (>= 1.2.0, < 2.0)
      rspec-support (~> 3.7.0)
    rspec-support (3.7.1)
    slack-incoming-webhooks (0.2.0)
    thor (0.20.0)
    thread_safe (0.3.6)
    tzinfo (1.2.7)
      thread_safe (~> 0.1)
    zeitwerk (2.4.0)

PLATFORMS
  ruby

DEPENDENCIES
  bundler (~> 1.16)
  jirack!
  rake (~> 10.0)
  rspec (~> 3.0)

BUNDLED WITH
   1.16.1
